GIT
  remote: https://github.com/bhserna/active_record_playground_runner.git
  revision: a032eb5e4f7091ab176aaa328a242616d99b325e
  branch: main
  specs:
    active_record_playground_runner (0.1.0)
      activerecord (~> 7.0)
      activesupport (~> 7.0)
      ffaker (~> 2.21)
      pg (~> 1.3)
      zeitwerk (~> 2.6.0)

GEM
  specs:
    activemodel (7.1.3.4)
      activesupport (= 7.1.3.4)
    activerecord (7.1.3.4)
      activemodel (= 7.1.3.4)
      activesupport (= 7.1.3.4)
      timeout (>= 0.4.0)
    activesupport (7.1.3.4)
      base64
      bigdecimal
      concurrent-ruby (~> 1.0, >= 1.0.2)
      connection_pool (>= 2.2.5)
      drb
      i18n (>= 1.6, < 2)
      minitest (>= 5.1)
      mutex_m
      tzinfo (~> 2.0)
    base64 (0.2.0)
    bigdecimal (3.1.8)
    concurrent-ruby (1.3.3)
    connection_pool (2.4.1)
    drb (2.2.1)
    ffaker (2.21.0)
    i18n (1.14.5)
      concurrent-ruby (~> 1.0)
    minitest (5.24.1)
    mutex_m (0.2.0)
    pg (1.4.5)
    timeout (0.4.1)
    tzinfo (2.0.6)
      concurrent-ruby (~> 1.0)
    zeitwerk (2.6.16)

PLATFORMS
  arm64-darwin-23
  x86_64-darwin-21

DEPENDENCIES
  active_record_playground_runner (~> 0.1.0)!

BUNDLED WITH
   2.2.3
